{
    "TaskName": "noise",
    "SamplingFrequency": 600.614990234,
    "Manufacturer": "Elekta",
    "ManufacturersModelName": "Neuromag Vectorview 306",
    "TaskDescription": "Empty-room recording.",
    "MEGChannelCount": 306,
    "MEGREFChannelCount": 0,
    "EEGChannelCount": 0,
    "EOGChannelCount": 0,
    "ECGChannelCount": 0,
    "EMGChannelCount": 0,
    "MiscChannelCount": 0,
    "DewarPosition":"Upright",
    "TriggerChannelCount": 9,
    "PowerLineFrequency": 60,
    "EEGReference": "nose",
    "RecordingType": "continuous",
    "ContinuousHeadLocalization": false,
    "DigitizedLandmarks": false,
    "DigitizedHeadPoints": false,
    "SoftwareFilters": {},
    "SubjectArtefactDescription": "n/a"
}
